GEM
  remote: https://rubygems.org/
  specs:
    color (1.7)
    haml (4.0.5)
      tilt
    libxml-ruby (2.7.0)
    libxml4r (0.2.6)
      libxml-ruby (>= 1.1.3)
    plist4r (1.2.2)
      haml
      libxml-ruby
      libxml4r
    tilt (2.0.1)

PLATFORMS
  ruby

DEPENDENCIES
  color
  plist4r
